GEM
  remote: http://rubygems.org/
  specs:
    eventmachine (1.0.0.beta.3)

PLATFORMS
  ruby

DEPENDENCIES
  eventmachine (~> 1.0.0.beta3)
